GEM
  remote: https://rubygems.org/
  specs:
    addressable (2.5.1)
      public_suffix (~> 2.0, >= 2.0.2)
    backports (3.7.0)
    dotenv (2.2.0)
    faraday (0.12.0.1)
      multipart-post (>= 1.2, < 3)
    foreman (0.84.0)
      thor (~> 0.19.1)
    json (2.0.4)
    mime-types (1.25.1)
    multi_json (1.12.1)
    multipart-post (2.0.0)
    octokit (4.7.0)
      sawyer (~> 0.8.0, >= 0.5.3)
    public_suffix (2.0.5)
    puma (3.8.2)
    rack (1.6.5)
    rack-protection (1.5.3)
      rack
    rack-test (0.6.3)
      rack (>= 1.0)
    redis (3.3.3)
    redis-rack (1.6.0)
      rack (~> 1.5)
      redis-store (~> 1.2.0)
    redis-store (1.2.0)
      redis (>= 2.2)
    rest-client (1.6.9)
      mime-types (~> 1.16)
    sawyer (0.8.1)
      addressable (>= 2.3.5, < 2.6)
      faraday (~> 0.8, < 1.0)
    shotgun (0.9.2)
      rack (>= 1.0)
    sinatra (1.4.8)
      rack (~> 1.5)
      rack-protection (~> 1.4)
      tilt (>= 1.3, < 3)
    sinatra-contrib (1.4.7)
      backports (>= 2.0)
      multi_json
      rack-protection
      rack-test
      sinatra (~> 1.4.0)
      tilt (>= 1.3, < 3)
    thor (0.19.4)
    tilt (2.0.7)

PLATFORMS
  ruby

DEPENDENCIES
  dotenv
  foreman
  json
  octokit (~> 4.0)
  puma
  redis
  redis-rack
  rest-client (~> 1.6.3)
  shotgun
  sinatra
  sinatra-contrib

RUBY VERSION
   ruby 2.4.0p0

BUNDLED WITH
   1.14.6
