GEM
  remote: https://rubygems.org/
  specs:
    addressable (2.5.1)
      public_suffix (~> 2.0, >= 2.0.2)
    backports (3.8.0)
    coderay (1.1.1)
    connection_pool (2.2.1)
    dotenv (2.2.1)
    faraday (0.12.1)
      multipart-post (>= 1.2, < 3)
    foreman (0.84.0)
      thor (~> 0.19.1)
    json (2.1.0)
    method_source (0.8.2)
    mime-types (1.25.1)
    multi_json (1.12.1)
    multipart-post (2.0.0)
    mustermann (1.0.0)
    octokit (4.7.0)
      sawyer (~> 0.8.0, >= 0.5.3)
    pry (0.10.4)
      coderay (~> 1.1.0)
      method_source (~> 0.8.1)
      slop (~> 3.4)
    public_suffix (2.0.5)
    puma (3.9.1)
    rack (2.0.3)
    rack-protection (2.0.0)
      rack
    rake (12.0.0)
    redis (3.3.3)
    redis-rack (2.0.2)
      rack (>= 1.5, < 3)
      redis-store (>= 1.2, < 1.4)
    redis-store (1.3.0)
      redis (>= 2.2)
    rest-client (1.6.9)
      mime-types (~> 1.16)
    sawyer (0.8.1)
      addressable (>= 2.3.5, < 2.6)
      faraday (~> 0.8, < 1.0)
    shotgun (0.9.2)
      rack (>= 1.0)
    sinatra (2.0.0)
      mustermann (~> 1.0)
      rack (~> 2.0)
      rack-protection (= 2.0.0)
      tilt (~> 2.0)
    sinatra-contrib (2.0.0)
      backports (>= 2.0)
      multi_json
      mustermann (~> 1.0)
      rack-protection (= 2.0.0)
      sinatra (= 2.0.0)
      tilt (>= 1.3, < 3)
    slop (3.6.0)
    thor (0.19.4)
    tilt (2.0.7)

PLATFORMS
  ruby

DEPENDENCIES
  connection_pool (~> 2.2.1)
  dotenv (~> 2.2.1)
  foreman (~> 0.84.0)
  json (~> 2.1.0)
  octokit (~> 4.0)
  pry (~> 0.10.4)
  puma (~> 3.9.1)
  rake (~> 12.0.0)
  redis (~> 3.3.3)
  redis-rack
  rest-client (~> 1.6.3)
  shotgun (~> 0.9.2)
  sinatra (~> 2.0.0)
  sinatra-contrib (~> 2.0.0)

RUBY VERSION
   ruby 2.4.0p0

BUNDLED WITH
   1.14.6
